GEM
  remote: https://rubygems.org/
  specs:
    scan_left (0.3.1)

PLATFORMS
  x86_64-darwin-22
  x86_64-linux

DEPENDENCIES
  scan_left (~> 0.3.1)

RUBY VERSION
   ruby 3.1.4p223

BUNDLED WITH
   2.3.26
